PATH
  remote: .
  specs:
    id3dit (1.1.0)
      highline (~> 1.7)
      id3lib-ruby (~> 0.6)
      rainbow (~> 2.0)

GEM
  remote: https://rubygems.org/
  specs:
    highline (1.7.8)
    id3lib-ruby (0.6.0)
    rainbow (2.0.0)

PLATFORMS
  ruby

DEPENDENCIES
  bundler (~> 1.10)
  id3dit!

BUNDLED WITH
   1.10.2
